GEM
  remote: https://rubygems.org/
  specs:
    dotenv (2.4.0)
    slack-notifier (2.3.2)

PLATFORMS
  ruby

DEPENDENCIES
  dotenv
  slack-notifier

BUNDLED WITH
   1.16.1
